GEM
  remote: https://rubygems.org/
  specs:
    aws (2.9.1)
      http_connection
      uuidtools
      xml-simple
    http_connection (1.4.4)
    sass (3.2.12)
    slim (2.0.2)
      temple (~> 0.6.6)
      tilt (>= 1.3.3, < 2.1)
    temple (0.6.7)
    tilt (2.0.0)
    uuidtools (2.1.4)
    xml-simple (1.1.2)

PLATFORMS
  ruby

DEPENDENCIES
  aws
  sass
  slim
  tilt
